GEM
  remote: https://rubygems.org/
  specs:
    haml (3.1.1)
    rack (1.3.5)
    sass (3.1.1)
    sinatra (1.1.0)
      rack (~> 1.1)
      tilt (~> 1.1)
    tilt (1.3.3)

PLATFORMS
  ruby

DEPENDENCIES
  haml
  sass
  sinatra (= 1.1.0)
