GEM
  remote: https://rubygems.org/
  specs:
    coffee-script (2.2.0)
      coffee-script-source
      execjs
    coffee-script-source (1.6.3)
    execjs (1.4.0)
      multi_json (~> 1.0)
    haml (3.1.1)
    multi_json (1.10.1)
    rack (1.3.5)
    sass (3.1.1)
    sinatra (1.1.0)
      rack (~> 1.1)
      tilt (~> 1.1)
    tilt (1.3.3)

PLATFORMS
  ruby

DEPENDENCIES
  coffee-script
  haml
  sass
  sinatra (= 1.1.0)
